GEM
  remote: http://rubygems.org/
  specs:
    addressable (2.3.4)
    crack (0.3.2)
    diff-lcs (1.1.3)
    faraday (0.8.7)
      multipart-post (~> 1.1)
    faraday_middleware (0.9.0)
      faraday (>= 0.7.4, < 0.9)
    hashie (2.0.3)
    highline (1.6.13)
    json (1.7.7)
    multi_json (1.7.2)
    multipart-post (1.2.0)
    netrc (0.7.7)
    octokit (1.24.0)
      addressable (~> 2.2)
      faraday (~> 0.8)
      faraday_middleware (~> 0.9)
      hashie (~> 2.0)
      multi_json (~> 1.3)
      netrc (~> 0.7.7)
    rake (0.9.6)
    redcarpet (2.1.1)
    rspec (2.12.0)
      rspec-core (~> 2.12.0)
      rspec-expectations (~> 2.12.0)
      rspec-mocks (~> 2.12.0)
    rspec-core (2.12.2)
    rspec-expectations (2.12.1)
      diff-lcs (~> 1.1.3)
    rspec-mocks (2.12.2)
    trollop (1.16.2)
    webmock (1.8.11)
      addressable (>= 2.2.7)
      crack (>= 0.1.7)
    yard (0.8.2.1)

PLATFORMS
  ruby

DEPENDENCIES
  highline (= 1.6.13)
  json (~> 1.7.3)
  octokit (~> 1.24)
  rake (~> 0.9.2)
  redcarpet (~> 2.1.1)
  rspec (~> 2.12.0)
  trollop (~> 1.16.2)
  webmock (~> 1.8.7)
  yard (~> 0.8.2.1)
