GEM
  remote: http://rubygems.org/
  specs:
    addressable (2.3.5)
    crack (0.4.1)
      safe_yaml (~> 0.9.0)
    diff-lcs (1.2.5)
    faraday (0.8.9)
      multipart-post (~> 1.2.0)
    faraday_middleware (0.9.0)
      faraday (>= 0.7.4, < 0.9)
    hashie (2.0.5)
    highline (1.6.13)
    json (1.8.1)
    multi_json (1.8.4)
    multipart-post (1.2.0)
    netrc (0.7.7)
    octokit (1.25.0)
      addressable (~> 2.2)
      faraday (~> 0.8)
      faraday_middleware (~> 0.9)
      hashie (~> 2.0)
      multi_json (~> 1.3)
      netrc (~> 0.7.7)
    rake (0.9.6)
    redcarpet (2.3.0)
    rspec (2.14.1)
      rspec-core (~> 2.14.0)
      rspec-expectations (~> 2.14.0)
      rspec-mocks (~> 2.14.0)
    rspec-core (2.14.7)
    rspec-expectations (2.14.4)
      diff-lcs (>= 1.1.3, < 2.0)
    rspec-mocks (2.14.4)
    rugged (0.18.0.gh.de28323)
    safe_yaml (0.9.7)
    trollop (1.16.2)
    webmock (1.17.1)
      addressable (>= 2.2.7)
      crack (>= 0.3.2)
    yard (0.8.7.3)

PLATFORMS
  ruby

DEPENDENCIES
  addressable (~> 2.3)
  faraday (= 0.8.9)
  highline (= 1.6.13)
  json (~> 1.8)
  octokit (~> 1.24)
  rake (~> 0.9)
  redcarpet (~> 2)
  rspec (~> 2)
  rugged (~> 0.18.0.gh.de28323)
  trollop (~> 1.16)
  webmock (~> 1)
  yard (~> 0.8)
